GIT
  remote: https://github.com/fugroup/fuprint.git
  revision: 627361901c4aada8b49aa26571f6456e037f56a8
  specs:
    fuprint (0.1.3)
      rack

GEM
  remote: https://rubygems.org/
  specs:
    activesupport (5.1.2)
      concurrent-ruby (~> 1.0, >= 1.0.2)
      i18n (~> 0.7)
      minitest (~> 5.1)
      tzinfo (~> 1.1)
    asset (0.2.2)
      activesupport
      rack
      sass
      therubyracer
      uglifier
    bson (4.2.2)
    concurrent-ruby (1.0.5)
    domain_name (0.5.20170404)
      unf (>= 0.0.5, < 1.0.0)
    execjs (2.7.0)
    ffi (1.9.18)
    futest (0.1.1)
      rest-client (>= 2.0)
    git-version-bump (0.15.1)
    hash_dot (2.1.0)
    http-cookie (1.0.3)
      domain_name (~> 0.5)
    i18n (0.8.5)
    libv8 (3.16.14.19)
    listen (3.1.5)
      rb-fsevent (~> 0.9, >= 0.9.4)
      rb-inotify (~> 0.9, >= 0.9.7)
      ruby_dep (~> 1.2)
    mime-types (3.1)
      mime-types-data (~> 3.2015)
    mime-types-data (3.2016.0521)
    minimongo (0.1.1)
      mongo (>= 2.2)
    minitest (5.10.2)
    mongo (2.4.2)
      bson (>= 4.2.1, < 5.0.0)
    mustermann (1.0.0)
    netrc (0.11.0)
    puma (3.9.1)
    rack (1.6.8)
    rack-cache (1.7.0)
      rack (>= 0.4)
    rack-contrib (1.4.0)
      git-version-bump (~> 0.15)
      rack (~> 1.4)
    rack-flash3 (1.0.5)
      rack
    rake (12.0.0)
    rb-fsevent (0.10.2)
    rb-inotify (0.9.10)
      ffi (>= 0.5.0, < 2)
    ref (2.0.0)
    request_store (1.3.2)
    rest-client (2.0.2)
      http-cookie (>= 1.0.2, < 2.0)
      mime-types (>= 1.16, < 4.0)
      netrc (~> 0.8)
    ruby_dep (1.5.0)
    sass (3.4.25)
    therubyracer (0.12.3)
      libv8 (~> 3.16.14.15)
      ref
    thread_safe (0.3.6)
    tilt (2.0.7)
    tzinfo (1.2.3)
      thread_safe (~> 0.1)
    uglifier (3.2.0)
      execjs (>= 0.3.0, < 3)
    unf (0.1.4)
      unf_ext
    unf_ext (0.0.7.4)
    utf8-cleaner (0.2.5)
      activesupport

PLATFORMS
  ruby

DEPENDENCIES
  activesupport
  asset
  fuprint!
  futest
  hash_dot
  listen
  minimongo
  mustermann
  puma
  rack
  rack-cache
  rack-contrib
  rack-flash3
  rake
  request_store
  tilt
  utf8-cleaner

BUNDLED WITH
   1.15.1
